GEM
  remote: http://rubygems.org/
  specs:
    addressable (2.2.8)
    bcrypt-ruby (2.1.4)
    builder (3.0.0)
    ci_reporter (1.7.0)
      builder (>= 2.1.2)
    curb (0.7.18)
    daemons (1.1.8)
    data_objects (0.10.8)
      addressable (~> 2.1)
    datamapper (1.1.0)
      dm-aggregates (= 1.1.0)
      dm-constraints (= 1.1.0)
      dm-core (= 1.1.0)
      dm-migrations (= 1.1.0)
      dm-serializer (= 1.1.0)
      dm-timestamps (= 1.1.0)
      dm-transactions (= 1.1.0)
      dm-types (= 1.1.0)
      dm-validations (= 1.1.0)
    diff-lcs (1.1.3)
    dm-aggregates (1.1.0)
      dm-core (~> 1.1.0)
    dm-constraints (1.1.0)
      dm-core (~> 1.1.0)
    dm-core (1.1.0)
      addressable (~> 2.2.4)
    dm-do-adapter (1.1.0)
      data_objects (~> 0.10.2)
      dm-core (~> 1.1.0)
    dm-migrations (1.1.0)
      dm-core (~> 1.1.0)
    dm-serializer (1.1.0)
      dm-core (~> 1.1.0)
      fastercsv (~> 1.5.4)
      json (~> 1.4.6)
    dm-sqlite-adapter (1.1.0)
      dm-do-adapter (~> 1.1.0)
      do_sqlite3 (~> 0.10.2)
    dm-timestamps (1.1.0)
      dm-core (~> 1.1.0)
    dm-transactions (1.1.0)
      dm-core (~> 1.1.0)
    dm-types (1.1.0)
      bcrypt-ruby (~> 2.1.4)
      dm-core (~> 1.1.0)
      fastercsv (~> 1.5.4)
      json (~> 1.4.6)
      stringex (~> 1.2.0)
      uuidtools (~> 2.1.2)
    dm-validations (1.1.0)
      dm-core (~> 1.1.0)
    do_sqlite3 (0.10.8)
      data_objects (= 0.10.8)
    em-http-request (0.3.0)
      addressable (>= 2.0.0)
      escape_utils
      eventmachine (>= 0.12.9)
    escape_utils (0.2.4)
    eventmachine (0.12.11.cloudfoundry.3)
    eventmachine_httpserver (0.2.1)
    fastercsv (1.5.5)
    httpclient (2.2.5)
    httpi (1.1.1)
      rack
    json (1.4.6)
    json_pure (1.7.3)
    macaddr (1.5.0)
      systemu (>= 2.4.0)
    multi_json (1.3.6)
    nats (0.4.24)
      daemons (>= 1.1.5)
      eventmachine (>= 0.12.10)
      json_pure (>= 1.7.3)
      thin (>= 1.3.1)
    posix-spawn (0.3.6)
    rack (1.4.1)
    rake (0.9.2.2)
    rake-compiler (0.8.1)
      rake
    redis (2.2.2)
    redis-namespace (1.0.3)
      redis (< 3.0.0)
    redisk (0.2.2)
      redis (>= 0.1.1)
      redis-namespace (>= 0.1.0)
    resque (1.20.0)
      multi_json (~> 1.0)
      redis-namespace (~> 1.0.2)
      sinatra (>= 0.9.2)
      vegas (~> 0.1.2)
    resque-status (0.3.3)
      redisk (>= 0.2.1)
      resque (~> 1.19)
      uuid (~> 2.3)
    rkerberos (0.1.0)
      rake-compiler
    rspec (2.10.0)
      rspec-core (~> 2.10.0)
      rspec-expectations (~> 2.10.0)
      rspec-mocks (~> 2.10.0)
    rspec-core (2.10.1)
    rspec-expectations (2.10.0)
      diff-lcs (~> 1.1.3)
    rspec-mocks (2.10.1)
    ruby-hmac (0.4.0)
    sinatra (1.2.8)
      rack (~> 1.1)
      tilt (>= 1.2.2, < 2.0)
    stringex (1.2.2)
    systemu (2.5.0)
    thin (1.3.1)
      daemons (>= 1.0.9)
      eventmachine (>= 0.12.6)
      rack (>= 1.0.0)
    tilt (1.3.3)
    timfel-krb5-auth (0.8)
    uuid (2.3.5)
      macaddr (~> 1.0)
    uuidtools (2.1.2)
    vcap_common (1.0.11)
      eventmachine (~> 0.12.11.cloudfoundry.3)
      nats (~> 0.4.22.beta.8)
      posix-spawn (~> 0.3.6)
      thin (~> 1.3.1)
      yajl-ruby (~> 0.8.3)
    vcap_logging (1.0.1)
      rake
    vcap_services_base (0.1.10)
      curb (~> 0.7.16)
      datamapper (~> 1.1.0)
      do_sqlite3 (~> 0.10.3)
      em-http-request (~> 0.3.0)
      eventmachine (~> 0.12.11.cloudfoundry.3)
      eventmachine_httpserver (~> 0.2.1)
      json (~> 1.4.6)
      nats (~> 0.4.22.beta.8)
      resque (~> 1.20)
      resque-status (~> 0.3.2)
      ruby-hmac (~> 0.4.0)
      sinatra (~> 1.2.3)
      thin (~> 1.3.1)
      uuidtools (~> 2.1.2)
      vcap_common (>= 1.0.8)
      vcap_logging (>= 0.1.3)
    vegas (0.1.11)
      rack (>= 1.0.0)
    webhdfs-client (0.6.0)
    yajl-ruby (0.8.3)

PLATFORMS
  ruby

DEPENDENCIES
  ci_reporter
  curb
  datamapper (= 1.1.0)
  dm-sqlite-adapter
  do_sqlite3
  em-http-request
  eventmachine
  httpclient
  httpi
  nats
  rake
  rkerberos
  rspec
  ruby-hmac
  sinatra
  thin
  timfel-krb5-auth
  uuidtools
  vcap_common (~> 1.0.8)
  vcap_logging (>= 0.1.3)
  vcap_services_base
  webhdfs-client (= 0.6.0)
